GEM
  specs:
    kpeg (0.8.4)

PLATFORMS
  ruby

DEPENDENCIES
  kpeg (~> 0.8.4)
